GEM
  remote: https://rubygems.org/
  specs:
    capybara (2.4.1)
      mime-types (>= 1.16)
      nokogiri (>= 1.3.3)
      rack (>= 1.0.0)
      rack-test (>= 0.5.4)
      xpath (~> 2.0)
    coderay (1.1.0)
<<<<<<< HEAD
    mail (2.6.1)
      mime-types (>= 1.16, < 3)
    method_source (0.8.2)
    mime-types (2.3)
=======
    dotenv (0.11.1)
      dotenv-deployment (~> 0.0.2)
    dotenv-deployment (0.0.2)
    method_source (0.8.2)
    mime-types (2.3)
    mini_portile (0.6.0)
>>>>>>> master
    minitest (5.4.1)
    minitest-capybara (0.7.1)
      capybara (~> 2.2)
      minitest (~> 5.0)
      rake
    minitest-spec (0.0.2.1)
      minitest (>= 3.0)
<<<<<<< HEAD
    pony (1.11)
      mail (>= 2.0)
=======
    nokogiri (1.6.3.1)
      mini_portile (= 0.6.0)
    pg (0.17.1)
>>>>>>> master
    pry (0.10.1)
      coderay (~> 1.1.0)
      method_source (~> 0.8.1)
      slop (~> 3.4)
    rack (1.5.2)
    rack-protection (1.5.3)
      rack
    rack-test (0.6.2)
      rack (>= 1.0)
    rake (10.3.2)
    sequel (4.14.0)
    shotgun (0.9)
      rack (>= 1.0)
    sinatra (1.4.5)
      rack (~> 1.4)
      rack-protection (~> 1.4)
      tilt (~> 1.3, >= 1.3.4)
    slop (3.6.0)
    tilt (1.4.1)
    xpath (2.0.0)
      nokogiri (~> 1.3)

PLATFORMS
  ruby

DEPENDENCIES
  capybara
  dotenv (~> 0.11.1)
  minitest (~> 5.4.1)
  minitest-capybara
  minitest-spec (~> 0.0.2.1)
<<<<<<< HEAD
  pony (~> 1.11)
=======
  pg (~> 0.17.1)
>>>>>>> master
  pry (~> 0.10.1)
  rack-test (~> 0.6.2)
  sequel (~> 4.14.0)
  shotgun (~> 0.9)
  sinatra (~> 1.4.5)
